Brain Vision Data Exchange Header File Version 1.0
; Data created by the X.on Android App

[Common Infos]
DataFile=AA0007.eeg
MarkerFile=AA0007.vmrk
DataFormat=BINARY
; Data orientation: MULTIPLEXED=ch1,pt1, ch2,pt1 ...
DataOrientation=MULTIPLEXED
Codepage=utf-8
DataType=TIMEDOMAIN
NumberOfChannels=10
DataPoints=194538
; Sampling interval in microseconds
SamplingInterval=4000
[Binary Infos]
BinaryFormat=IEEE_FLOAT_32

[Channel Infos]
; Each entry: Ch<Channel number>=<Name>,<Reference channel name>,
; <Resolution in 'Unit'>,<Unit>,<Future extensions..
; Fields are delimited by commas, some fields might be omitted (empty).
; Commas in channel names are coded as "\1".
Ch1=F3,,1,μV
Ch2=F4,,1,μV
Ch3=C3,,1,μV
Ch4=Cz,,1,μV
Ch5=C4,,1,μV
Ch6=P3,,1,μV
Ch7=P4,,1,μV
Ch8=accX,,1,mg₀
Ch9=accY,,1,mg₀
Ch10=accZ,,1,mg₀

[Comment]
A m p l i f i e r
=================
X.on SN:                XON-102104-0023
Firmware version:       1.3

A m p l i f i e r  S e t u p
============================
Number of channels:     10
Sampling Rate [Hz]:     250
Sampling Interval [µs]: 4000

Channels
--------
#      Name       Phys. Chn.    ADC Resolution / Unit    High-pass [Hz]    Low-pass [Hz]     Notch [Hz]      
1      F3         1             0.2980232 μV             0.5               Off               Off             
2      F4         2             0.2980232 μV             0.5               Off               Off             
3      C3         3             0.2980232 μV             0.5               Off               Off             
4      Cz         4             0.2980232 μV             0.5               Off               Off             
5      C4         5             0.2980232 μV             0.5               Off               Off             
6      P3         6             0.2980232 μV             0.5               Off               Off             
7      P4         7             0.2980232 μV             0.5               Off               Off             
8      accX       8             15.625 mg₀               DC                Off               Off             
9      accY       9             15.625 mg₀               DC                Off               Off             
10     accZ       10            15.625 mg₀               DC                Off               Off             

Impedances [kOhm] at 11/19/2023 7:55 PM
F3: 70
F4: 64
C3: 78
Cz: 66
C4: 85
P3: 48
P4: 82
REF: 37
GND: 34

